GEM
  remote: https://rubygems.org/
  specs:
    rspec-core (3.12.2)
      rspec-support (~> 3.12.0)
    rspec-support (3.12.1)

PLATFORMS
  x86_64-linux

DEPENDENCIES
  rspec-core

BUNDLED WITH
   2.4.6
